GEM
  remote: https://rubygems.org/
  specs:
    foreman (0.78.0)
      thor (~> 0.19.1)
    puma (2.11.3)
      rack (>= 1.1, < 2.0)
    rack (1.6.4)
    rack-protection (1.5.3)
      rack
    sinatra (1.4.6)
      rack (~> 1.4)
      rack-protection (~> 1.4)
      tilt (>= 1.3, < 3)
    thor (0.19.1)
    tilt (2.0.1)

PLATFORMS
  ruby

DEPENDENCIES
  foreman (~> 0.78.0)
  puma (~> 2.11.3)
  rack (~> 1.6.1)
  sinatra (~> 1.4.6)
